GIT
  remote: http://github.com/sanger/lims-core.git
  revision: 70785367d45b535c37cb469a3f5b828f765d5fa2
  branch: uat
  specs:
    lims-core (3.1.0.pre)
      active_support
      aequitas
      bunny (= 0.9.0.pre10)
      dm-validations
      facets (= 2.9.3)
      modularity
      sequel
      state_machine
      uuid
      virtus (= 0.2.0)

GIT
  remote: http://github.com/sanger/lims-laboratory-app.git
  revision: 5f39a54df30efff1e73e3fea8c891846e6f18e09
  branch: uat
  specs:
    lims-laboratory-app (3.3.1.pre)

GIT
  remote: http://github.com/sanger/psd_logger.git
  revision: dd2d634114df75b1d8535715c169a7fc99521389
  specs:
    psd_logger (0.1.6)

GIT
  remote: https://github.com/sanger/lims-busclient.git
  revision: 09730aba1fe7ff4d6fa36a9940c3fc8e04ae1bd1
  branch: uat
  specs:
    lims-busclient (0.4.1.rc1)
      aequitas
      amqp
      facets
      virtus

GIT
  remote: https://github.com/sanger/lims-management-app.git
  revision: 29bd112327fed176cda38f1f1f36b1b76c20a6a2
  branch: uat
  specs:
    lims-management-app (3.0.1.rc1)
      bunny (= 0.9.0.pre10)
      json

GIT
  remote: https://github.com/sanger/lims-quality-app.git
  revision: 9c39e0907b2b8a53c7aa2908bfaf88dc5849ebf4
  branch: uat
  specs:
    lims-quality-app (0.7.1.pre)
      bunny (= 0.9.0.pre10)

PATH
  remote: .
  specs:
    lims-bridge-app (1.11.2.pre)
      aequitas
      amqp
      facets
      mysql2
      sequel
      virtus

GEM
  remote: http://www.rubygems.org/
  specs:
    active_support (3.0.0)
      activesupport (= 3.0.0)
    activesupport (3.0.0)
    addressable (2.3.5)
    aequitas (0.0.2)
    amq-protocol (1.9.0)
    amqp (1.1.3)
      amq-protocol (>= 1.9.0)
      eventmachine
    bond (0.4.3)
    bunny (0.9.0.pre10)
      amq-protocol (>= 1.4.0)
    columnize (0.3.6)
    debugger (1.6.1)
      columnize (>= 0.3.1)
      debugger-linecache (~> 1.2.0)
      debugger-ruby_core_source (~> 1.2.3)
    debugger-completion (1.0.0)
      bond (>= 0.4.2)
      debugger (~> 1.1)
    debugger-linecache (1.2.0)
    debugger-ruby_core_source (1.2.3)
    diff-lcs (1.1.3)
    dm-core (1.2.1)
      addressable (~> 2.3)
    dm-validations (1.2.0)
      dm-core (~> 1.2.0)
    eventmachine (1.0.3)
    facets (2.9.3)
    json (1.8.1)
    macaddr (1.6.1)
      systemu (~> 2.5.0)
    modularity (0.6.1)
    mysql2 (0.3.14)
    rack (1.5.2)
    rake (10.1.0)
    rspec (2.8.0)
      rspec-core (~> 2.8.0)
      rspec-expectations (~> 2.8.0)
      rspec-mocks (~> 2.8.0)
    rspec-core (2.8.0)
    rspec-expectations (2.8.0)
      diff-lcs (~> 1.1.2)
    rspec-mocks (2.8.0)
    sequel (4.4.0)
    shotgun (0.9)
      rack (>= 1.0)
    sqlite3 (1.3.8)
    state_machine (1.2.0)
    systemu (2.5.2)
    uuid (2.3.7)
      macaddr (~> 1.0)
    virtus (0.2.0)
    yard (0.8.7)
    yard-rspec (0.1)
      yard

PLATFORMS
  ruby

DEPENDENCIES
  debugger
  debugger-completion
  lims-bridge-app!
  lims-busclient (~> 0.4.1.rc1)!
  lims-core (~> 3.1.0.pre)!
  lims-laboratory-app (~> 3.3.1.pre)!
  lims-management-app (~> 3.0.1.rc1)!
  lims-quality-app (~> 0.7.1.pre)!
  psd_logger!
  rake
  rspec (~> 2.8.0)
  shotgun
  sqlite3
  yard (>= 0.7.0)
  yard-rspec (= 0.1)
