GIT
  remote: http://github.com/sanger/lims-core.git
  revision: e4a27a2d9dd93d35af6bd3b92466ab02f468f4aa
  branch: master
  specs:
    lims-core (3.2.1)
      activesupport
      aequitas
      bunny (= 0.9.0.pre10)
      dm-validations
      facets (= 2.9.3)
      modularity (= 0.6.1)
      sequel
      state_machine
      uuid
      virtus (= 0.2.0)

GIT
  remote: http://github.com/sanger/lims-exception-notifier-app.git
  revision: 360dda5975b21a7b5bea1575ed5de176ad9ba8fb
  branch: master
  specs:
    lims-exception-notifier-app (0.1.3)
      mustache (~> 0.99.4)

GIT
  remote: http://github.com/sanger/lims-laboratory-app.git
  revision: ac9fad6f2803ff94ce895c68dd2f56e3f6a52706
  branch: master
  specs:
    lims-laboratory-app (3.7.1)

GIT
  remote: http://github.com/sanger/psd_logger.git
  revision: dd2d634114df75b1d8535715c169a7fc99521389
  specs:
    psd_logger (0.1.6)

GIT
  remote: https://github.com/sanger/lims-busclient.git
  revision: 0da129dbd07a064e62e44c7d8a8fdc98131b92ce
  branch: master
  specs:
    lims-busclient (0.4.1)
      aequitas
      amqp
      facets
      virtus

GIT
  remote: https://github.com/sanger/lims-management-app.git
  revision: 007505cc9bb7a79b3589a45431739604496092a7
  branch: master
  specs:
    lims-management-app (3.3.0)
      bunny (= 0.9.0.pre10)
      json

GIT
  remote: https://github.com/sanger/lims-quality-app.git
  revision: 67efca7f70658b3d574f9cabd85f30d18484e823
  branch: master
  specs:
    lims-quality-app (0.9.1)
      bunny (= 0.9.0.pre10)

PATH
  remote: .
  specs:
    lims-bridge-app (1.12.9)
      aequitas
      amqp
      facets
      mysql2
      sequel
      virtus

GEM
  remote: http://www.rubygems.org/
  specs:
    activesupport (4.0.4)
      i18n (~> 0.6, >= 0.6.9)
      minitest (~> 4.2)
      multi_json (~> 1.3)
      thread_safe (~> 0.1)
      tzinfo (~> 0.3.37)
    addressable (2.3.6)
    aequitas (0.0.2)
    amq-protocol (1.9.2)
    amqp (1.1.3)
      amq-protocol (>= 1.9.0)
      eventmachine
    atomic (1.1.16)
    bond (0.4.3)
    bunny (0.9.0.pre10)
      amq-protocol (>= 1.4.0)
    columnize (0.3.6)
    debugger (1.6.1)
      columnize (>= 0.3.1)
      debugger-linecache (~> 1.2.0)
      debugger-ruby_core_source (~> 1.2.3)
    debugger-completion (1.0.0)
      bond (>= 0.4.2)
      debugger (~> 1.1)
    debugger-linecache (1.2.0)
    debugger-ruby_core_source (1.2.3)
    diff-lcs (1.1.3)
    dm-core (1.2.1)
      addressable (~> 2.3)
    dm-validations (1.2.0)
      dm-core (~> 1.2.0)
    eventmachine (1.0.3)
    facets (2.9.3)
    i18n (0.6.9)
    json (1.8.1)
    macaddr (1.6.7)
      systemu (~> 2.6.2)
    minitest (4.7.5)
    modularity (0.6.1)
    multi_json (1.9.2)
    mustache (0.99.5)
    mysql2 (0.3.14)
    rack (1.5.2)
    rake (10.1.0)
    rspec (2.8.0)
      rspec-core (~> 2.8.0)
      rspec-expectations (~> 2.8.0)
      rspec-mocks (~> 2.8.0)
    rspec-core (2.8.0)
    rspec-expectations (2.8.0)
      diff-lcs (~> 1.1.2)
    rspec-mocks (2.8.0)
    sequel (4.8.0)
    shotgun (0.9)
      rack (>= 1.0)
    sqlite3 (1.3.8)
    state_machine (1.2.0)
    systemu (2.6.4)
    thread_safe (0.3.1)
      atomic (>= 1.1.7, < 2)
    tzinfo (0.3.39)
    uuid (2.3.7)
      macaddr (~> 1.0)
    virtus (0.2.0)
    yard (0.8.7)
    yard-rspec (0.1)
      yard

PLATFORMS
  ruby

DEPENDENCIES
  debugger
  debugger-completion
  lims-bridge-app!
  lims-busclient (~> 0.4.1)!
  lims-core (~> 3.2.1)!
  lims-exception-notifier-app (~> 0.1)!
  lims-laboratory-app (~> 3.7.1)!
  lims-management-app (~> 3.3.0)!
  lims-quality-app (~> 0.9.1)!
  psd_logger!
  rake
  rspec (~> 2.8.0)
  shotgun
  sqlite3
  yard (>= 0.7.0)
  yard-rspec (= 0.1)
