GIT
  remote: http://github.com/sanger/lims-core.git
  revision: 7c11e5f3e12ed6e5b991d9e9390f7873e92dc6eb
  branch: master
  specs:
    lims-core (3.2.0)
      active_support
      aequitas
      bunny (= 0.9.0.pre10)
      dm-validations
      facets (= 2.9.3)
      modularity (= 0.6.1)
      sequel
      state_machine
      uuid
      virtus (= 0.2.0)

GIT
  remote: http://github.com/sanger/lims-exception-notifier-app.git
  revision: 360dda5975b21a7b5bea1575ed5de176ad9ba8fb
  branch: master
  specs:
    lims-exception-notifier-app (0.1.3)
      mustache (~> 0.99.4)

GIT
  remote: http://github.com/sanger/lims-laboratory-app.git
  revision: 438c3c01bd952fefb1a2be92064d4a08534cc412
  branch: master
  specs:
    lims-laboratory-app (3.7.0)

GIT
  remote: http://github.com/sanger/psd_logger.git
  revision: dd2d634114df75b1d8535715c169a7fc99521389
  specs:
    psd_logger (0.1.6)

GIT
  remote: https://github.com/sanger/lims-busclient.git
  revision: 0da129dbd07a064e62e44c7d8a8fdc98131b92ce
  branch: master
  specs:
    lims-busclient (0.4.1)
      aequitas
      amqp
      facets
      virtus

GIT
  remote: https://github.com/sanger/lims-management-app.git
  revision: fb70648ea879df33588d9e0fa24fbad3e6180ed0
  branch: master
  specs:
    lims-management-app (3.2.1)
      bunny (= 0.9.0.pre10)
      json

GIT
  remote: https://github.com/sanger/lims-quality-app.git
  revision: 673a966d760c11a2ebf814877d514dfcd1b70cc4
  branch: master
  specs:
    lims-quality-app (0.9.0)
      bunny (= 0.9.0.pre10)

PATH
  remote: .
  specs:
    lims-bridge-app (1.12.2)
      aequitas
      amqp
      facets
      mysql2
      sequel
      virtus

GEM
  remote: http://www.rubygems.org/
  specs:
    active_support (3.0.0)
      activesupport (= 3.0.0)
    activesupport (3.0.0)
    addressable (2.3.6)
    aequitas (0.0.2)
    amq-protocol (1.9.2)
    amqp (1.1.3)
      amq-protocol (>= 1.9.0)
      eventmachine
    bond (0.4.3)
    bunny (0.9.0.pre10)
      amq-protocol (>= 1.4.0)
    columnize (0.3.6)
    debugger (1.6.1)
      columnize (>= 0.3.1)
      debugger-linecache (~> 1.2.0)
      debugger-ruby_core_source (~> 1.2.3)
    debugger-completion (1.0.0)
      bond (>= 0.4.2)
      debugger (~> 1.1)
    debugger-linecache (1.2.0)
    debugger-ruby_core_source (1.2.3)
    diff-lcs (1.1.3)
    dm-core (1.2.1)
      addressable (~> 2.3)
    dm-validations (1.2.0)
      dm-core (~> 1.2.0)
    eventmachine (1.0.3)
    facets (2.9.3)
    json (1.8.1)
    macaddr (1.6.7)
      systemu (~> 2.6.2)
    modularity (0.6.1)
    mustache (0.99.5)
    mysql2 (0.3.14)
    rack (1.5.2)
    rake (10.1.0)
    rspec (2.8.0)
      rspec-core (~> 2.8.0)
      rspec-expectations (~> 2.8.0)
      rspec-mocks (~> 2.8.0)
    rspec-core (2.8.0)
    rspec-expectations (2.8.0)
      diff-lcs (~> 1.1.2)
    rspec-mocks (2.8.0)
    sequel (4.8.0)
    shotgun (0.9)
      rack (>= 1.0)
    sqlite3 (1.3.8)
    state_machine (1.2.0)
    systemu (2.6.4)
    uuid (2.3.7)
      macaddr (~> 1.0)
    virtus (0.2.0)
    yard (0.8.7)
    yard-rspec (0.1)
      yard

PLATFORMS
  ruby

DEPENDENCIES
  debugger
  debugger-completion
  lims-bridge-app!
  lims-busclient (~> 0.4.1)!
  lims-core (~> 3.2.0)!
  lims-exception-notifier-app (~> 0.1)!
  lims-laboratory-app (~> 3.7.0)!
  lims-management-app (~> 3.2.1)!
  lims-quality-app (~> 0.9.0)!
  psd_logger!
  rake
  rspec (~> 2.8.0)
  shotgun
  sqlite3
  yard (>= 0.7.0)
  yard-rspec (= 0.1)
